GEM
  remote: https://rubygems.org/
  specs:
    appium_lib (10.6.0)
      appium_lib_core (~> 3.3)
      nokogiri (~> 1.8, >= 1.8.1)
      tomlrb (~> 1.1)
    appium_lib_core (3.11.1)
      faye-websocket (~> 0.11.0)
      selenium-webdriver (~> 3.14, >= 3.14.1)
    childprocess (3.0.0)
    eventmachine (1.2.7)
    faye-websocket (0.11.1)
      eventmachine (>= 0.12.0)
      websocket-driver (>= 0.5.1)
    nokogiri (1.13.1-x86_64-darwin)
      racc (~> 1.4)
    perfecto-reporting (3.0.5)
      selenium-webdriver (>= 2.53.0)
    racc (1.6.0)
    rubyzip (2.3.2)
    selenium-webdriver (3.142.7)
      childprocess (>= 0.5, < 4.0)
      rubyzip (>= 1.2.2)
    tomlrb (1.3.0)
    websocket-driver (0.7.5)
      websocket-extensions (>= 0.1.0)
    websocket-extensions (0.1.5)

PLATFORMS
  x86_64-darwin-20

DEPENDENCIES
  appium_lib (= 10.6.0)
  perfecto-reporting (= 3.0.5)
  selenium-webdriver (= 3.142.7)

BUNDLED WITH
   2.3.6
